PATH
  remote: .
  specs:
    diecut (0.0.5)
      calibrate (~> 0.0.2)
      mustache (~> 1.0)
      paint (~> 0.8)
      thor (~> 0.19)
      valise (~> 1.2)

GEM
  remote: https://rubygems.org/
  specs:
    cadre (1.0.4)
      thor (>= 0.14, < 1.0)
      tilt (> 1.0)
      valise (~> 1.2)
    calibrate (0.0.2)
      rake (~> 12.3)
    chunky_png (1.3.11)
    compass (0.12.2)
      chunky_png (~> 1.2)
      fssm (>= 0.2.7)
      sass (~> 3.1)
    corundum (0.3)
      bundler
      compass (>= 0.12.1)
      mailfactory (~> 1.4.0)
      mattock (~> 0.5)
      nokogiri
      rdoc
      rspec (>= 2.0)
      sass (>= 3.1)
      simplecov (>= 0.5.4)
      yard
    diff-lcs (1.3)
    docile (1.3.2)
    ffi (1.11.3)
    fssm (0.2.10)
    json (2.3.1)
    mailfactory (1.4.0)
      mime-types (>= 1.13.1)
    mattock (0.5.2)
      tilt (> 0)
      valise (>= 0.9.1)
    mime-types (3.3)
      mime-types-data (~> 3.2015)
    mime-types-data (3.2019.1009)
    mini_portile2 (2.4.0)
    mustache (1.1.1)
    nokogiri (1.10.7)
      mini_portile2 (~> 2.4.0)
    paint (0.9.0)
    rake (12.3.3)
    rb-fsevent (0.10.3)
    rb-inotify (0.10.0)
      ffi (~> 1.0)
    rdoc (6.2.0)
    rspec (3.9.0)
      rspec-core (~> 3.9.0)
      rspec-expectations (~> 3.9.0)
      rspec-mocks (~> 3.9.0)
    rspec-core (3.9.0)
      rspec-support (~> 3.9.0)
    rspec-expectations (3.9.0)
      diff-lcs (>= 1.2.0, < 2.0)
      rspec-support (~> 3.9.0)
    rspec-mocks (3.9.0)
      diff-lcs (>= 1.2.0, < 2.0)
      rspec-support (~> 3.9.0)
    rspec-support (3.9.0)
    sass (3.7.4)
      sass-listen (~> 4.0.0)
    sass-listen (4.0.0)
      rb-fsevent (~> 0.9, >= 0.9.4)
      rb-inotify (~> 0.9, >= 0.9.7)
    simplecov (0.17.1)
      docile (~> 1.1)
      json (>= 1.8, < 3)
      simplecov-html (~> 0.10.0)
    simplecov-html (0.10.2)
    thor (0.20.3)
    tilt (2.0.10)
    valise (1.2.1)
    yard (0.9.20)

PLATFORMS
  ruby

DEPENDENCIES
  cadre
  corundum
  diecut!

BUNDLED WITH
   1.17.2
