PATH
  remote: .
  specs:
    diecut (0.0.1)
      calibrate (> 0)
      mustache (> 0)

GEM
  remote: https://rubygems.org/
  specs:
    calibrate (0.0.1)
    caliph (0.3.1)
    corundum (0.6.0)
      bundler
      caliph (~> 0.3)
      mattock (~> 0.9)
      paint (~> 0.8.7)
      rspec (>= 2.0)
      simplecov (>= 0.5.4)
      simplecov-json (>= 0.2)
    diff-lcs (1.2.5)
    docile (1.1.5)
    json (1.8.3)
    mattock (0.10.0)
      calibrate (~> 0.0.1)
      caliph (~> 0.3.1)
      rake (~> 10.0)
      tilt (> 0)
      valise (~> 1.1.1)
    mustache (1.0.2)
    paint (0.8.7)
    rake (10.4.2)
    rspec (3.4.0)
      rspec-core (~> 3.4.0)
      rspec-expectations (~> 3.4.0)
      rspec-mocks (~> 3.4.0)
    rspec-core (3.4.1)
      rspec-support (~> 3.4.0)
    rspec-expectations (3.4.0)
      diff-lcs (>= 1.2.0, < 2.0)
      rspec-support (~> 3.4.0)
    rspec-mocks (3.4.0)
      diff-lcs (>= 1.2.0, < 2.0)
      rspec-support (~> 3.4.0)
    rspec-support (3.4.1)
    simplecov (0.11.1)
      docile (~> 1.1.0)
      json (~> 1.8)
      simplecov-html (~> 0.10.0)
    simplecov-html (0.10.0)
    simplecov-json (0.2)
      json
      simplecov
    tilt (2.0.2)
    valise (1.1.4)

PLATFORMS
  ruby

DEPENDENCIES
  corundum
  diecut!

BUNDLED WITH
   1.10.6
